GEM
  remote: https://rubygems.org/
  specs:
    activesupport (6.1.7.5)
      concurrent-ruby (~> 1.0, >= 1.0.2)
      i18n (>= 1.6, < 2)
      minitest (>= 5.1)
      tzinfo (~> 2.0)
      zeitwerk (~> 2.3)
    clamp (1.3.2)
    concurrent-ruby (1.2.2)
    gem_logger (0.3.0)
      activesupport
    i18n (1.14.1)
      concurrent-ruby (~> 1.0)
    little-plugger (1.1.4)
    logging (2.3.0)
      little-plugger (~> 1.1)
      multi_json (~> 1.14)
    minitest (5.19.0)
    multi_json (1.15.0)
    tzinfo (2.0.6)
      concurrent-ruby (~> 1.0)
    zeitwerk (2.6.11)

PLATFORMS
  universal-darwin-22
  x86_64-darwin-20
  x86_64-linux

DEPENDENCIES
  activesupport
  clamp
  gem_logger
  logging

BUNDLED WITH
   2.2.15
